PATH
  remote: .
  specs:
    narou (3.5.1)
      activesupport (>= 5.2, < 7.0)
      diff-lcs (~> 1.2, >= 1.2.5)
      erubis (~> 2.7)
      haml (>= 5.1.2, < 6)
      mail (~> 2.6.0, >= 2.6.6)
      memoist (~> 0.11.0)
      open_uri_redirections (~> 0.2, >= 0.2.1)
      pony (~> 1, >= 1.11)
      rubyzip (~> 2.0, >= 2.0.0)
      sassc (~> 2.4)
      sinatra (~> 2.0, >= 2.0.8.1)
      sinatra-contrib (~> 2.0, >= 2.0.8.1)
      systemu (~> 2.6, >= 2.6.5)
      termcolorlight (~> 1.0, >= 1.1.1)
      tilt (~> 2.0, >= 2.0.10)
      unicode-display_width (~> 1.4)
      webrick (~> 1.7)

GEM
  remote: https://rubygems.org/
  specs:
    activesupport (6.1.0)
      concurrent-ruby (~> 1.0, >= 1.0.2)
      i18n (>= 1.6, < 2)
      minitest (>= 5.1)
      tzinfo (~> 2.0)
      zeitwerk (~> 2.3)
    awesome_print (1.8.0)
    byebug (11.1.3)
    coderay (1.1.3)
    concurrent-ruby (1.1.7)
    diff-lcs (1.4.4)
    docile (1.3.4)
    erubis (2.7.0)
    ffi (1.13.1)
    ffi (1.13.1-java)
    haml (5.2.1)
      temple (>= 0.8.0)
      tilt
    i18n (1.8.6)
      concurrent-ruby (~> 1.0)
    mail (2.6.6)
      mime-types (>= 1.16, < 4)
    memoist (0.11.0)
    method_source (1.0.0)
    mime-types (3.3.1)
      mime-types-data (~> 3.2015)
    mime-types-data (3.2020.1104)
    minitest (5.14.2)
    multi_json (1.15.0)
    mustermann (1.1.1)
      ruby2_keywords (~> 0.0.1)
    open_uri_redirections (0.2.1)
    pony (1.13.1)
      mail (>= 2.0)
    pry (0.13.1)
      coderay (~> 1.1)
      method_source (~> 1.0)
    pry (0.13.1-java)
      coderay (~> 1.1)
      method_source (~> 1.0)
      spoon (~> 0.0)
    pry-byebug (3.9.0)
      byebug (~> 11.0)
      pry (~> 0.13.0)
    rack (2.2.3)
    rack-protection (2.1.0)
      rack
    rspec (3.9.0)
      rspec-core (~> 3.9.0)
      rspec-expectations (~> 3.9.0)
      rspec-mocks (~> 3.9.0)
    rspec-core (3.9.2)
      rspec-support (~> 3.9.3)
    rspec-expectations (3.9.2)
      diff-lcs (>= 1.2.0, < 2.0)
      rspec-support (~> 3.9.0)
    rspec-mocks (3.9.1)
      diff-lcs (>= 1.2.0, < 2.0)
      rspec-support (~> 3.9.0)
    rspec-retry (0.6.2)
      rspec-core (> 3.3)
    rspec-support (3.9.3)
    rspec_junit_formatter (0.4.1)
      rspec-core (>= 2, < 4, != 2.12.0)
    ruby2_keywords (0.0.2)
    rubyzip (2.3.0)
    sassc (2.4.0)
      ffi (~> 1.9)
    simplecov (0.20.0)
      docile (~> 1.1)
      simplecov-html (~> 0.11)
      simplecov_json_formatter (~> 0.1)
    simplecov-html (0.12.3)
    simplecov_json_formatter (0.1.2)
    sinatra (2.1.0)
      mustermann (~> 1.0)
      rack (~> 2.2)
      rack-protection (= 2.1.0)
      tilt (~> 2.0)
    sinatra-contrib (2.1.0)
      multi_json
      mustermann (~> 1.0)
      rack-protection (= 2.1.0)
      sinatra (= 2.1.0)
      tilt (~> 2.0)
    spoon (0.0.6)
      ffi
    systemu (2.6.5)
    temple (0.8.2)
    termcolorlight (1.1.1)
    tilt (2.0.10)
    timecop (0.9.1)
    tzinfo (2.0.4)
      concurrent-ruby (~> 1.0)
    unicode-display_width (1.7.0)
    webrick (1.7.0)
    zeitwerk (2.4.2)

PLATFORMS
  java
  ruby

DEPENDENCIES
  awesome_print (~> 1.8)
  narou!
  pry (~> 0.12)
  pry-byebug (~> 3.8)
  rspec (~> 3.9)
  rspec-retry (~> 0.6)
  rspec_junit_formatter (~> 0.4)
  simplecov (~> 0.20)
  timecop (~> 0.9)

BUNDLED WITH
   2.2.3
